GEM
  remote: https://rubygems.org/
  specs:
    addressable (2.3.6)
    capistrano (3.3.5)
      capistrano-stats (~> 1.1.0)
      i18n
      rake (>= 10.0.0)
      sshkit (~> 1.3)
    capistrano-bundler (1.1.3)
      capistrano (~> 3.1)
      sshkit (~> 1.2)
    capistrano-rbenv (2.0.2)
      capistrano (~> 3.1)
      sshkit (~> 1.3)
    capistrano-stats (1.1.1)
    capistrano-thin (1.1.0)
      capistrano (~> 3.0)
      thin (~> 1.6)
    chartkick (1.3.2)
    colorize (0.7.5)
    daemons (1.1.9)
    eventmachine (1.0.4)
    faraday (0.9.0)
      multipart-post (>= 1.2, < 3)
    i18n (0.7.0)
    jsmin (1.0.1)
    koala (1.10.0rc)
      addressable
      faraday
      multi_json
    multi_json (1.10.1)
    multipart-post (2.0.0)
    net-scp (1.2.1)
      net-ssh (>= 2.6.5)
    net-ssh (2.9.1)
    rack (1.5.2)
    rack-protection (1.5.3)
      rack
    rack-test (0.6.2)
      rack (>= 1.0)
    rake (10.4.2)
    sinatra (1.4.5)
      rack (~> 1.4)
      rack-protection (~> 1.4)
      tilt (~> 1.3, >= 1.3.4)
    sinatra-assetpack (0.3.3)
      jsmin
      rack-test
      sinatra
      tilt (>= 1.3.0, < 2.0)
    sshkit (1.6.1)
      colorize (>= 0.7.0)
      net-scp (>= 1.1.2)
      net-ssh (>= 2.8.0)
    thin (1.6.3)
      daemons (~> 1.0, >= 1.0.9)
      eventmachine (~> 1.0)
      rack (~> 1.0)
    tilt (1.4.1)

PLATFORMS
  ruby

DEPENDENCIES
  capistrano
  capistrano-bundler (~> 1.1.2)
  capistrano-rbenv (~> 2.0)
  capistrano-thin
  chartkick
  koala (~> 1.10.0rc)
  sinatra
  sinatra-assetpack
  thin
