GEM
  remote: https://rubygems.org/
  specs:
    addressable (2.3.6)
    chartkick (1.3.2)
    faraday (0.9.0)
      multipart-post (>= 1.2, < 3)
    jsmin (1.0.1)
    koala (1.10.0rc)
      addressable
      faraday
      multi_json
    multi_json (1.10.1)
    multipart-post (2.0.0)
    rack (1.5.2)
    rack-protection (1.5.3)
      rack
    rack-test (0.6.2)
      rack (>= 1.0)
    sinatra (1.4.5)
      rack (~> 1.4)
      rack-protection (~> 1.4)
      tilt (~> 1.3, >= 1.3.4)
    sinatra-assetpack (0.3.3)
      jsmin
      rack-test
      sinatra
      tilt (>= 1.3.0, < 2.0)
    tilt (1.4.1)

PLATFORMS
  ruby

DEPENDENCIES
  chartkick
  koala (~> 1.10.0rc)
  sinatra
  sinatra-assetpack
